PATH
  remote: /Users/mbleigh/gems/omniauth/oa-core
  specs:
    oa-core (0.0.4)
      rack (~> 1.1)

PATH
  remote: .
  specs:
    oa-enterprise (0.0.4)
      nokogiri (~> 1.4.2)
      oa-core (= 0.0.4)

GEM
  remote: http://rubygems.org/
  specs:
    addressable (2.2.0)
    crack (0.1.8)
    json (1.4.3)
    mg (0.0.8)
      rake
    nokogiri (1.4.3.1)
    rack (1.1.0)
    rack-test (0.5.4)
      rack (>= 1.0)
    rake (0.8.7)
    rspec (1.3.0)
    webmock (1.3.4)
      addressable (>= 2.1.1)
      crack (>= 0.1.7)

PLATFORMS
  ruby

DEPENDENCIES
  json (~> 1.4.3)
  mg (~> 0.0.8)
  oa-core!
  oa-enterprise!
  rack
  rack-test (~> 0.5.4)
  rake
  rspec (~> 1.3.0)
  webmock (~> 1.3.4)
