PATH
  remote: /Users/mbleigh/gems/omniauth/oa-core
  specs:
    oa-core (0.0.4)
      rack (~> 1.1)

PATH
  remote: .
  specs:
    oa-oauth (0.0.4)
      multi_json (~> 0.0.2)
      nokogiri (~> 1.4.2)
      oa-core (= 0.0.4)
      oauth (~> 0.4.0)
      oauth2 (~> 0.0.10)

GEM
  remote: http://rubygems.org/
  specs:
    addressable (2.2.0)
    crack (0.1.8)
    faraday (0.4.6)
      addressable (>= 2.1.1)
      rack (>= 1.0.1)
    json (1.4.3)
    mg (0.0.8)
      rake
    multi_json (0.0.4)
    nokogiri (1.4.3.1)
    oauth (0.4.2)
    oauth2 (0.0.10)
      faraday (~> 0.4.1)
      multi_json (>= 0.0.4)
    rack (1.2.1)
    rack-test (0.5.4)
      rack (>= 1.0)
    rake (0.8.7)
    rspec (1.3.0)
    webmock (1.3.4)
      addressable (>= 2.1.1)
      crack (>= 0.1.7)

PLATFORMS
  ruby

DEPENDENCIES
  json (~> 1.4.3)
  mg (~> 0.0.8)
  oa-core!
  oa-oauth!
  rack
  rack-test (~> 0.5.4)
  rake
  rspec (~> 1.3.0)
  webmock (~> 1.3.4)
