PATH
  remote: .
  specs:
    oa-basic (0.0.4)
      multi_json (~> 0.0.2)
      nokogiri (~> 1.4.2)
      oa-core (= 0.0.4)
      rest-client (~> 1.6.0)

PATH
  remote: /Users/mbleigh/gems/omniauth/oa-core
  specs:
    oa-core (0.0.4)
      rack (~> 1.1)

GEM
  remote: http://rubygems.org/
  specs:
    addressable (2.2.0)
    crack (0.1.8)
    json (1.4.3)
    mg (0.0.8)
      rake
    mime-types (1.16)
    multi_json (0.0.4)
    nokogiri (1.4.3.1)
    rack (1.2.1)
    rack-test (0.5.4)
      rack (>= 1.0)
    rake (0.8.7)
    rest-client (1.6.0)
      mime-types (>= 1.16)
    rspec (1.3.0)
    webmock (1.3.4)
      addressable (>= 2.1.1)
      crack (>= 0.1.7)

PLATFORMS
  ruby

DEPENDENCIES
  json (~> 1.4.3)
  mg (~> 0.0.8)
  oa-basic!
  oa-core!
  rack
  rack-test (~> 0.5.4)
  rake
  rspec (~> 1.3.0)
  webmock (~> 1.3.4)
